PATH
  remote: .
  specs:
    sidekiq-instrumentation (1.2.2.ejacobs1)
      opentracing (>= 0.3.1)

GEM
  remote: https://artifacts.dox.support/repository/gems/
  specs:
    ast (2.4.0)
    connection_pool (2.2.2)
    diff-lcs (1.3)
    dox-style (1.3.0)
      rubocop (~> 0.77)
      rubocop-performance (~> 1.5.1)
      rubocop-rails (~> 2.2.0)
      rubocop-rspec (~> 1.37.0)
    opentracing (0.3.2)
    parallel (1.19.1)
    parser (2.7.1.3)
      ast (~> 2.4.0)
    rack (2.2.2)
    rack-protection (2.0.8.1)
      rack
    rainbow (3.0.0)
    rake (10.5.0)
    rdoc (6.2.1)
    redis (4.1.4)
    rexml (3.2.4)
    rspec (3.8.0)
      rspec-core (~> 3.8.0)
      rspec-expectations (~> 3.8.0)
      rspec-mocks (~> 3.8.0)
    rspec-core (3.8.2)
      rspec-support (~> 3.8.0)
    rspec-expectations (3.8.4)
      diff-lcs (>= 1.2.0, < 2.0)
      rspec-support (~> 3.8.0)
    rspec-mocks (3.8.1)
      diff-lcs (>= 1.2.0, < 2.0)
      rspec-support (~> 3.8.0)
    rspec-support (3.8.2)
    rspec_junit_formatter (0.4.1)
      rspec-core (>= 2, < 4, != 2.12.0)
    rubocop (0.84.0)
      parallel (~> 1.10)
      parser (>= 2.7.0.1)
      rainbow (>= 2.2.2, < 4.0)
      rexml
      rubocop-ast (>= 0.0.3)
      ruby-progressbar (~> 1.7)
      unicode-display_width (>= 1.4.0, < 2.0)
    rubocop-ast (0.0.3)
      parser (>= 2.7.0.1)
    rubocop-performance (1.5.2)
      rubocop (>= 0.71.0)
    rubocop-rails (2.2.1)
      rack (>= 1.1)
      rubocop (>= 0.72.0)
    rubocop-rspec (1.37.1)
      rubocop (>= 0.68.1)
    ruby-progressbar (1.10.1)
    sdoc (1.1.0)
      rdoc (>= 5.0)
    sidekiq (6.0.7)
      connection_pool (>= 2.2.2)
      rack (~> 2.0)
      rack-protection (>= 2.0.0)
      redis (>= 4.1.0)
    test-tracer (1.2.1)
      opentracing (~> 0.3.1)
    tracing-matchers (1.3.0)
      rspec (>= 2.0)
      test-tracer (~> 1.1)
    unicode-display_width (1.7.0)

PLATFORMS
  ruby

DEPENDENCIES
  bundler (~> 1.17)
  dox-style
  rake
  rspec
  rspec_junit_formatter
  sdoc
  sidekiq
  sidekiq-instrumentation!
  test-tracer (~> 1.0, >= 1.2.1)
  tracing-matchers (~> 1.0, >= 1.3.0)

BUNDLED WITH
   1.17.3
